GEM
  remote: https://rubygems.org/
  specs:
    bcrypt (3.1.13)
    faraday (1.0.0)
      multipart-post (>= 1.2, < 3)
    jwt (2.2.1)
    mini_portile2 (2.4.0)
    multi_json (1.14.1)
    multipart-post (2.1.1)
    mustermann (2.0.2)
      ruby2_keywords (~> 0.0.1)
    nokogiri (1.10.9)
      mini_portile2 (~> 2.4.0)
    pg (1.1.4)
    rack (2.2.4)
    rack-protection (2.2.3)
      rack
    ruby2_keywords (0.0.5)
    sequel (5.30.0)
    sinatra (2.2.3)
      mustermann (~> 2.0)
      rack (~> 2.2)
      rack-protection (= 2.2.3)
      tilt (~> 2.0)
    sinatra-contrib (2.2.3)
      multi_json
      mustermann (~> 2.0)
      rack-protection (= 2.2.3)
      sinatra (= 2.2.3)
      tilt (~> 2.0)
    sqlite3 (1.4.2)
    tilt (2.0.11)
    twilio-ruby (5.31.5)
      faraday (~> 1.0.0)
      jwt (>= 1.5, <= 2.5)
      nokogiri (>= 1.6, < 2.0)

PLATFORMS
  ruby

DEPENDENCIES
  bcrypt
  pg
  sequel
  sinatra
  sinatra-contrib
  sqlite3
  twilio-ruby

BUNDLED WITH
   2.0.1
